GEM
  remote: https://rubygems.org/
  specs:
    powder (0.3.0)
      thor (>= 0.11.5)
    rack (1.6.4)
    rack-protection (1.5.3)
      rack
    sinatra (1.4.6)
      rack (~> 1.4)
      rack-protection (~> 1.4)
      tilt (>= 1.3, < 3)
    sinatra-cross_origin (0.3.2)
    thor (0.19.1)
    tilt (2.0.2)

PLATFORMS
  ruby

DEPENDENCIES
  powder
  sinatra
  sinatra-cross_origin (~> 0.3.1)

BUNDLED WITH
   1.10.6
